PATH
  remote: .
  specs:
    ppwm-matcher (0.0.1)
      activerecord
      pg
      rake
      sinatra-activerecord
      sinatra_auth_github

GEM
  remote: https://rubygems.org/
  specs:
    activemodel (3.2.13)
      activesupport (= 3.2.13)
      builder (~> 3.0.0)
    activerecord (3.2.13)
      activemodel (= 3.2.13)
      activesupport (= 3.2.13)
      arel (~> 3.0.2)
      tzinfo (~> 0.3.29)
    activesupport (3.2.13)
      i18n (= 0.6.1)
      multi_json (~> 1.0)
    addressable (2.3.4)
    arel (3.0.2)
    builder (3.0.4)
    daemons (1.1.9)
    diff-lcs (1.2.4)
    eventmachine (1.0.0)
    factory_girl (4.2.0)
      activesupport (>= 3.0.0)
    faker (1.1.2)
      i18n (~> 0.5)
    faraday (0.8.7)
      multipart-post (~> 1.1)
    faraday_middleware (0.9.0)
      faraday (>= 0.7.4, < 0.9)
    hashie (2.0.5)
    i18n (0.6.1)
    multi_json (1.7.5)
    multipart-post (1.2.0)
    netrc (0.7.7)
    octokit (1.24.0)
      addressable (~> 2.2)
      faraday (~> 0.8)
      faraday_middleware (~> 0.9)
      hashie (~> 2.0)
      multi_json (~> 1.3)
      netrc (~> 0.7.7)
    pg (0.15.1)
    rack (1.5.2)
    rack-protection (1.5.0)
      rack
    rake (10.0.4)
    rspec (2.13.0)
      rspec-core (~> 2.13.0)
      rspec-expectations (~> 2.13.0)
      rspec-mocks (~> 2.13.0)
    rspec-core (2.13.1)
    rspec-expectations (2.13.0)
      diff-lcs (>= 1.1.3, < 2.0)
    rspec-mocks (2.13.1)
    sinatra (1.3.6)
      rack (~> 1.4)
      rack-protection (~> 1.3)
      tilt (~> 1.3, >= 1.3.3)
    sinatra-activerecord (1.2.2)
      activerecord (~> 3.0)
      sinatra (~> 1.0)
    sinatra_auth_github (0.13.3)
      sinatra (~> 1.0)
      warden-github (~> 0.13.1)
    sqlite3 (1.3.7)
    thin (1.5.0)
      daemons (>= 1.0.9)
      eventmachine (>= 0.12.6)
      rack (>= 1.0.0)
    tilt (1.4.1)
    tzinfo (0.3.37)
    warden (1.2.1)
      rack (>= 1.0)
    warden-github (0.13.2)
      octokit (>= 1.22.0)
      warden (> 1.0)

PLATFORMS
  ruby

DEPENDENCIES
  factory_girl
  faker
  ppwm-matcher!
  rspec
  sqlite3
  thin
